GEM
  remote: https://rubygems.org/
  specs:
    bson (4.3.0)
    elasticsearch (6.0.2)
      elasticsearch-api (= 6.0.2)
      elasticsearch-transport (= 6.0.2)
    elasticsearch-api (6.0.2)
      multi_json
    elasticsearch-transport (6.0.2)
      faraday
      multi_json
    faraday (0.15.2)
      multipart-post (>= 1.2, < 3)
    mongo (2.5.3)
      bson (>= 4.3.0, < 5.0.0)
    multi_json (1.13.1)
    multipart-post (2.0.0)

PLATFORMS
  ruby

DEPENDENCIES
  elasticsearch
  mongo

RUBY VERSION
   ruby 2.5.1p57

BUNDLED WITH
   1.16.2
